GEM
  remote: https://rubygems.org/
  specs:
    haml (4.0.0)
      tilt
    json (1.7.7)
    nokogiri (1.5.9)
    rack (1.5.2)
    rack-protection (1.5.0)
      rack
    sass (3.2.9)
    sinatra (1.4.2)
      rack (~> 1.5, >= 1.5.2)
      rack-protection (~> 1.4)
      tilt (~> 1.3, >= 1.3.4)
    tilt (1.4.1)

PLATFORMS
  ruby

DEPENDENCIES
  haml
  json
  nokogiri
  sass (~> 3.2.9)
  sinatra
